GEM
  remote: https://rubygems.org/
  specs:
    sorbet (0.4.5055)
      sorbet-static (= 0.4.5055)
    sorbet-runtime (0.4.5055)
    sorbet-static (0.4.5055-universal-darwin-14)

PLATFORMS
  ruby

DEPENDENCIES
  sorbet
  sorbet-runtime

RUBY VERSION
   ruby 2.7.0p-1

BUNDLED WITH
   2.1.0.pre.3
